PATH
  remote: .
  specs:
    jsonpathv2 (0.0.1)
      multi_json

GEM
  remote: http://rubygems.org/
  specs:
    callsite (0.0.11)
    code_stats (0.0.1)
      dirge (>= 0.0.3)
      rainbow
    dirge (0.0.5)
      callsite (>= 0.0.2)
    docile (1.1.5)
    json (2.0.1)
    minitest (2.2.2)
    multi_json (1.12.1)
    phocus (1.1)
    rainbow (2.1.0)
    rake (11.2.2)
    simplecov (0.12.0)
      docile (~> 1.1.0)
      json (>= 1.8, < 3)
      simplecov-html (~> 0.10.0)
    simplecov-html (0.10.0)

PLATFORMS
  ruby

DEPENDENCIES
  bundler
  code_stats
  jsonpathv2!
  minitest (~> 2.2.0)
  phocus
  rake
  simplecov

BUNDLED WITH
   1.11.2
